PATH
  remote: .
  specs:
    olza_api (0.1.0)
      faraday (~> 0.9, >= 0.9.0)
      faraday_middleware (~> 0.12.2)

GEM
  remote: https://rubygems.org/
  specs:
    addressable (2.6.0)
      public_suffix (>= 2.0.2, < 4.0)
    crack (0.4.3)
      safe_yaml (~> 1.0.0)
    faraday (0.15.4)
      multipart-post (>= 1.2, < 3)
    faraday_middleware (0.12.2)
      faraday (>= 0.7.4, < 1.0)
    hashdiff (0.3.8)
    minitest (5.11.3)
    multipart-post (2.0.0)
    public_suffix (3.0.3)
    rake (10.5.0)
    safe_yaml (1.0.5)
    webmock (3.5.1)
      addressable (>= 2.3.6)
      crack (>= 0.3.2)
      hashdiff

PLATFORMS
  ruby

DEPENDENCIES
  bundler (> 1.16)
  minitest (~> 5.0)
  olza_api!
  rake (~> 10.0)
  webmock

BUNDLED WITH
   2.0.1
